GIT
  remote: git://github.com/baoshan/linguist.git
  revision: 09647bd915d9fc450eb421565967f4bbe31d5a12
  specs:
    linguist (1.0.0)
      charlock_holmes (~> 0.6.6)
      escape_utils (~> 0.2.3)
      mime-types (~> 1.16)
      pygments.rb (~> 0.2.7)

GEM
  remote: http://rubygems.org/
  specs:
    blankslate (2.1.2.4)
    charlock_holmes (0.6.8)
    escape_utils (0.2.4)
    ffi (1.0.11)
    mime-types (1.18)
    pygments.rb (0.2.8)
      rubypython (~> 0.5.3)
    rubypython (0.5.3)
      blankslate (>= 2.1.2.3)
      ffi (~> 1.0.7)

PLATFORMS
  ruby

DEPENDENCIES
  linguist (= 1.0.0)!
