GIT
  remote: git://github.com/baoshan/linguist.git
  revision: 27f1ea76f0d4c086d7410cc9058246ec91807b83
  specs:
    linguist (1.0.0)
      charlock_holmes (~> 0.6.6)
      escape_utils (~> 0.2.3)
      mime-types (~> 1.18)
      pygments.rb (~> 0.2.11)

GEM
  remote: http://rubygems.org/
  specs:
    blankslate (2.1.2.4)
    charlock_holmes (0.6.8)
    escape_utils (0.2.4)
    ffi (1.0.11)
    mime-types (1.18)
    pygments.rb (0.2.12)
      rubypython (~> 0.5.3)
    rack (1.4.1)
    rack-protection (1.2.0)
      rack
    rubypython (0.5.3)
      blankslate (>= 2.1.2.3)
      ffi (~> 1.0.7)
    sinatra (1.3.2)
      rack (~> 1.3, >= 1.3.6)
      rack-protection (~> 1.2)
      tilt (~> 1.3, >= 1.3.3)
    tilt (1.3.3)

PLATFORMS
  ruby

DEPENDENCIES
  linguist (= 1.0.0)!
  sinatra
